GEM
  remote: https://rubygems.org/
  specs:
    actioncable (7.0.3)
      actionpack (= 7.0.3)
      activesupport (= 7.0.3)
      nio4r (~> 2.0)
      websocket-driver (>= 0.6.1)
    actionmailbox (7.0.3)
      actionpack (= 7.0.3)
      activejob (= 7.0.3)
      activerecord (= 7.0.3)
      activestorage (= 7.0.3)
      activesupport (= 7.0.3)
      mail (>= 2.7.1)
      net-imap
      net-pop
      net-smtp
    actionmailer (7.0.3)
      actionpack (= 7.0.3)
      actionview (= 7.0.3)
      activejob (= 7.0.3)
      activesupport (= 7.0.3)
      mail (~> 2.5, >= 2.5.4)
      net-imap
      net-pop
      net-smtp
      rails-dom-testing (~> 2.0)
    actionpack (7.0.3)
      actionview (= 7.0.3)
      activesupport (= 7.0.3)
      rack (~> 2.0, >= 2.2.0)
      rack-test (>= 0.6.3)
      rails-dom-testing (~> 2.0)
      rails-html-sanitizer (~> 1.0, >= 1.2.0)
    actiontext (7.0.3)
      actionpack (= 7.0.3)
      activerecord (= 7.0.3)
      activestorage (= 7.0.3)
      activesupport (= 7.0.3)
      globalid (>= 0.6.0)
      nokogiri (>= 1.8.5)
    actionview (7.0.3)
      activesupport (= 7.0.3)
      builder (~> 3.1)
      erubi (~> 1.4)
      rails-dom-testing (~> 2.0)
      rails-html-sanitizer (~> 1.1, >= 1.2.0)
    activejob (7.0.3)
      activesupport (= 7.0.3)
      globalid (>= 0.3.6)
    activemodel (7.0.3)
      activesupport (= 7.0.3)
    activerecord (7.0.3)
      activemodel (= 7.0.3)
      activesupport (= 7.0.3)
    activestorage (7.0.3)
      actionpack (= 7.0.3)
      activejob (= 7.0.3)
      activerecord (= 7.0.3)
      activesupport (= 7.0.3)
      marcel (~> 1.0)
      mini_mime (>= 1.1.0)
    activesupport (7.0.3)
      concurrent-ruby (~> 1.0, >= 1.0.2)
      i18n (>= 1.6, < 2)
      minitest (>= 5.1)
      tzinfo (~> 2.0)
    addressable (2.8.0)
      public_suffix (>= 2.0.2, < 5.0)
    annotate (3.2.0)
      activerecord (>= 3.2, < 8.0)
      rake (>= 10.4, < 14.0)
    ast (2.4.2)
    bcrypt (3.1.18)
    better_html (1.0.16)
      actionview (>= 4.0)
      activesupport (>= 4.0)
      ast (~> 2.0)
      erubi (~> 1.4)
      html_tokenizer (~> 0.0.6)
      parser (>= 2.4)
      smart_properties
    bindex (0.8.1)
    bootsnap (1.12.0)
      msgpack (~> 1.2)
    builder (3.2.4)
    byebug (11.1.3)
    concurrent-ruby (1.1.10)
    constant_resolver (0.2.0)
    crass (1.0.6)
    cssbundling-rails (1.0.0)
      railties (>= 6.0.0)
    devise (4.8.1)
      bcrypt (~> 3.0)
      orm_adapter (~> 0.1)
      railties (>= 4.1.0)
      responders
      warden (~> 1.2.3)
    diff-lcs (1.5.0)
    digest (3.1.0)
    dotenv (2.7.6)
    dotenv-rails (2.7.6)
      dotenv (= 2.7.6)
      railties (>= 3.2)
    erubi (1.10.0)
    factory_bot (6.2.1)
      activesupport (>= 5.0.0)
    factory_bot_rails (6.2.0)
      factory_bot (~> 6.2.0)
      railties (>= 5.0.0)
    faker (2.21.0)
      i18n (>= 1.8.11, < 2)
    ffi (1.15.5)
    globalid (1.0.0)
      activesupport (>= 5.0)
    graphwerk (1.2.1)
      activesupport
      packwerk
      ruby-graphviz
      sorbet-runtime
    html_tokenizer (0.0.7)
    i18n (1.10.0)
      concurrent-ruby (~> 1.0)
    jsbundling-rails (1.0.3)
      railties (>= 6.0.0)
    launchy (2.5.0)
      addressable (~> 2.7)
    letter_opener (1.8.1)
      launchy (>= 2.2, < 3)
    listen (3.7.1)
      rb-fsevent (~> 0.10, >= 0.10.3)
      rb-inotify (~> 0.9, >= 0.9.10)
    loofah (2.18.0)
      crass (~> 1.0.2)
      nokogiri (>= 1.5.9)
    mail (2.7.1)
      mini_mime (>= 0.1.1)
    marcel (1.0.2)
    method_source (1.0.0)
    mini_mime (1.1.2)
    minitest (5.16.1)
    msgpack (1.5.2)
    net-imap (0.2.3)
      digest
      net-protocol
      strscan
    net-pop (0.1.1)
      digest
      net-protocol
      timeout
    net-protocol (0.1.3)
      timeout
    net-smtp (0.3.1)
      digest
      net-protocol
      timeout
    nio4r (2.5.8)
    nokogiri (1.13.6-aarch64-linux)
      racc (~> 1.4)
    nokogiri (1.13.6-x86_64-darwin)
      racc (~> 1.4)
    orm_adapter (0.5.0)
    packwerk (2.0.0)
      activesupport (>= 5.2)
      ast
      better_html
      bundler
      constant_resolver
      parallel
      parser
      sorbet-runtime
    parallel (1.22.1)
    parser (3.1.2.0)
      ast (~> 2.4.1)
    pg (1.4.0)
    public_suffix (4.0.7)
    puma (5.6.4)
      nio4r (~> 2.0)
    racc (1.6.0)
    rack (2.2.3.1)
    rack-mini-profiler (2.3.4)
      rack (>= 1.2.0)
    rack-test (1.1.0)
      rack (>= 1.0, < 3)
    rails (7.0.3)
      actioncable (= 7.0.3)
      actionmailbox (= 7.0.3)
      actionmailer (= 7.0.3)
      actionpack (= 7.0.3)
      actiontext (= 7.0.3)
      actionview (= 7.0.3)
      activejob (= 7.0.3)
      activemodel (= 7.0.3)
      activerecord (= 7.0.3)
      activestorage (= 7.0.3)
      activesupport (= 7.0.3)
      bundler (>= 1.15.0)
      railties (= 7.0.3)
    rails-controller-testing (1.0.5)
      actionpack (>= 5.0.1.rc1)
      actionview (>= 5.0.1.rc1)
      activesupport (>= 5.0.1.rc1)
    rails-dom-testing (2.0.3)
      activesupport (>= 4.2.0)
      nokogiri (>= 1.6)
    rails-html-sanitizer (1.4.3)
      loofah (~> 2.3)
    railties (7.0.3)
      actionpack (= 7.0.3)
      activesupport (= 7.0.3)
      method_source
      rake (>= 12.2)
      thor (~> 1.0)
      zeitwerk (~> 2.5)
    rake (13.0.6)
    rb-fsevent (0.11.1)
    rb-inotify (0.10.1)
      ffi (~> 1.0)
    responders (3.0.1)
      actionpack (>= 5.0)
      railties (>= 5.0)
    rexml (3.2.5)
    rspec-core (3.11.0)
      rspec-support (~> 3.11.0)
    rspec-expectations (3.11.0)
      diff-lcs (>= 1.2.0, < 2.0)
      rspec-support (~> 3.11.0)
    rspec-mocks (3.11.1)
      diff-lcs (>= 1.2.0, < 2.0)
      rspec-support (~> 3.11.0)
    rspec-rails (5.1.2)
      actionpack (>= 5.2)
      activesupport (>= 5.2)
      railties (>= 5.2)
      rspec-core (~> 3.10)
      rspec-expectations (~> 3.10)
      rspec-mocks (~> 3.10)
      rspec-support (~> 3.10)
    rspec-support (3.11.0)
    ruby-graphviz (1.2.5)
      rexml
    smart_properties (1.17.0)
    sorbet-runtime (0.5.10101)
    sprockets (4.0.3)
      concurrent-ruby (~> 1.0)
      rack (> 1, < 3)
    sprockets-rails (3.4.2)
      actionpack (>= 5.2)
      activesupport (>= 5.2)
      sprockets (>= 3.0.0)
    strscan (3.0.3)
    thor (1.2.1)
    timeout (0.3.0)
    tzinfo (2.0.4)
      concurrent-ruby (~> 1.0)
    warden (1.2.9)
      rack (>= 2.0.9)
    web-console (4.2.0)
      actionview (>= 6.0.0)
      activemodel (>= 6.0.0)
      bindex (>= 0.4.0)
      railties (>= 6.0.0)
    websocket-driver (0.7.5)
      websocket-extensions (>= 0.1.0)
    websocket-extensions (0.1.5)
    zeitwerk (2.6.0)

PLATFORMS
  aarch64-linux
  x86_64-darwin-21

DEPENDENCIES
  annotate (~> 3.2.0)
  bootsnap (>= 1.4.4)
  byebug
  cssbundling-rails (~> 1.0.0)
  devise (~> 4.8)
  dotenv-rails (~> 2.7, >= 2.7.6)
  factory_bot_rails (~> 6.2)
  faker (~> 2.19)
  graphwerk (~> 1.2.0)
  jsbundling-rails (~> 1.0.0)
  letter_opener (~> 1.4, >= 1.4.1)
  listen (~> 3.3)
  packwerk (~> 2.0.0)
  pg (~> 1.1)
  puma (~> 5.0)
  rack-mini-profiler (~> 2.0)
  rails (~> 7.0.0)
  rails-controller-testing (~> 1.0, >= 1.0.5)
  rspec-rails (~> 5.0, >= 5.0.2)
  sprockets-rails (~> 3.4.2)
  tzinfo-data
  web-console (>= 4.1.0)

RUBY VERSION
   ruby 3.0.4p208

BUNDLED WITH
   2.3.16
